GEM
  remote: https://rubygems.org/
  specs:
    chunky_png (1.3.11)
    rubyzip (2.3.0)
    write_xlsx (0.85.7)
      rubyzip (>= 1.0.0)
      zip-zip
    zip-zip (0.3)
      rubyzip (>= 1.0.0)

PLATFORMS
  x64-mingw32

DEPENDENCIES
  chunky_png
  write_xlsx (~> 0.85.7)

BUNDLED WITH
   2.1.4
